GEM
  remote: http://rubygems.org/
  specs:
    rack (1.5.2)
    rack-protection (1.3.2)
      rack
    rmagick (2.13.2)
    sinatra (1.3.4)
      rack (~> 1.4)
      rack-protection (~> 1.3)
      tilt (~> 1.3, >= 1.3.3)
    tilt (1.3.3)

PLATFORMS
  ruby

DEPENDENCIES
  rmagick
  sinatra
